GEM
  remote: http://rubygems.org/
  specs:
    activemodel (3.1.3)
      activesupport (= 3.1.3)
      builder (~> 3.0.0)
      i18n (~> 0.6)
    activesupport (3.1.3)
      multi_json (~> 1.0)
    airbrake (3.0.9)
      activesupport
      builder
    backports (2.6.4)
    bson (1.7.0)
    bson_ext (1.7.0)
      bson (~> 1.7.0)
    builder (3.0.0)
    eventmachine (1.0.0)
    i18n (0.6.1)
    kgio (2.7.2)
    mime-types (1.17.2)
    mongo (1.7.0)
      bson (~> 1.7.0)
    mongoid (2.5.1)
      activemodel (~> 3.1)
      mongo (~> 1.7)
      tzinfo (~> 0.3.22)
    multi_json (1.0.4)
    net-scp (1.0.4)
      net-ssh (>= 1.99.1)
    net-ssh (2.2.2)
    net-ssh-gateway (1.1.0)
      net-ssh (>= 1.99.1)
    rack (1.4.1)
    rack-protection (1.2.0)
      rack
    rack-test (0.6.2)
      rack (>= 1.0)
    raindrops (0.8.0)
    rake (0.9.2.2)
    screwcap (0.8.3)
      net-scp (>= 1.0.4)
      net-ssh (>= 2.0.23)
      net-ssh-gateway (>= 1.0.1)
    sinatra (1.3.3)
      rack (~> 1.3, >= 1.3.6)
      rack-protection (~> 1.2)
      tilt (~> 1.3, >= 1.3.3)
    sinatra-contrib (1.3.2)
      backports (>= 2.0)
      eventmachine
      rack-protection
      rack-test
      sinatra (~> 1.3.0)
      tilt (~> 1.3)
    tilt (1.3.3)
    tzinfo (0.3.34)
    unicorn (4.1.1)
      kgio (~> 2.4)
      rack
      raindrops (~> 0.6)

PLATFORMS
  ruby

DEPENDENCIES
  airbrake (~> 3.0.9)
  bson_ext (~> 1.7.0)
  mime-types (~> 1.17.2)
  mongoid (~> 2.5.1)
  rack (~> 1.4.1)
  rake (~> 0.9.2.2)
  screwcap (~> 0.8.3)
  sinatra (~> 1.3.3)
  sinatra-contrib (~> 1.3.2)
  unicorn (~> 4.1.1)
